PATH
  remote: .
  specs:
    calculadora (0.0.1)

GEM
  remote: https://rubygems.org/
  specs:
    rake (10.2.2)

PLATFORMS
  ruby

DEPENDENCIES
  bundler (~> 1.6)
  calculadora!
  rake
